REDIRECTS: ON
NUGET
  remote: https://nuget.org/api/v2
  specs:
    EntityFramework (6.0.2)
    FAKE (3.23.0)
    Foq (1.7) - content: none
    FSharp.Compiler.Service (0.0.86)
    FSharp.Configuration (0.5.1)
    FSharp.Core (3.1.2.1)
    FSharp.Formatting (2.7.5)
      FSharp.Compiler.Service (>= 0.0.82)
      FSharpVSPowerTools.Core (>= 1.7.0)
    FSharpVSPowerTools.Core (1.7.0)
      FSharp.Compiler.Service (>= 0.0.81)
    FSharpx.Collections (1.10.1)
      FSharp.Core (>= 3.1.2.1)
    FsUnit (1.3.0.1)
      NUnit (>= 2.6.3)
    MailSystem.NET (2.0.1)
    Microsoft.AspNet.Identity.Core (1.0.0)
    Microsoft.AspNet.Identity.EntityFramework (1.0.0)
      EntityFramework (>= 6.0.0)
      Microsoft.AspNet.Identity.Core (>= 1.0.0)
    Mono.Posix (4.0.0.0)
    Mono.Security (3.2.3.0)
    MySql.Data (6.8.3)
    MySQL.Data.Entities (6.8.3.0)
      EntityFramework (>= 6.0.0.0)
      MySql.Data (>= 6.8.3.0)
    Novell.Directory.Ldap (2.2.1)
    NUnit (2.6.3)
    NUnit.Runners (2.6.4)
    SimpleInjector (2.7.3)
    Unquote (2.2.2)
    Yaaf.AdvancedBuilding (0.5.1)
      FAKE (3.23.0)
      FSharp.Compiler.Service (0.0.86)
      FSharp.Formatting (2.7.5)
      FSharpVSPowerTools.Core (1.7.0)
    Yaaf.Database (0.0.5)
      EntityFramework (6.0.2)
      FSharp.Core (>= 3.1.2.1)
      Microsoft.AspNet.Identity.Core (1.0.0)
      Microsoft.AspNet.Identity.EntityFramework (1.0.0)
    Yaaf.Database.MySQL (0.0.5)
      FSharp.Core (>= 3.1.2.1)
      MySQL.Data.Entities (6.8.3)
      MySql.Data (6.8.3)
      Yaaf.Database (0.0.5)
    Yaaf.DependencyInjection (1.1.0)
      FSharp.Core (>= 3.1.2.1)
    Yaaf.DependencyInjection.SimpleInjector (1.1.3)
      FSharp.Core (>= 3.1.2.1)
      SimpleInjector (>= 2.7.2)
      Yaaf.DependencyInjection (>= 1.1.0)
    Yaaf.FSharp.Helper (0.1.5)
      FSharp.Core (>= 3.1.2.1)
      FSharpx.Collections (>= 1.10.1)
      Yaaf.Logging (>= 1.0.1)
      Yaaf.Portable.Text.Encoding (>= 0.7.0)
    Yaaf.Logging (1.0.1)
    Yaaf.MessageArchiveManager (0.0.2)
      FSharp.Core (>= 3.1.2.1)
      Yaaf.Xmpp.MessageArchiving (>= 0.0.1)
      Yaaf.Xmpp.Runtime (>= 0.0.2)
    Yaaf.MessageArchiveManager.IMAP (0.0.1)
      FSharp.Core (>= 3.1.2.1)
      MailSystem.NET (>= 2.0.1)
      Yaaf.FSharp.Helper (>= 0.1.4)
      Yaaf.MessageArchiveManager (>= 0.0.1)
    Yaaf.MessageArchiveManager.MySQL (0.0.2)
      EntityFramework (>= 6.0.2)
      FSharp.Core (>= 3.1.2.1)
      Microsoft.AspNet.Identity.Core (>= 1.0.0)
      Microsoft.AspNet.Identity.EntityFramework (>= 1.0.0)
      MySQL.Data.Entities (>= 6.8.3)
      MySql.Data (>= 6.8.3)
      Yaaf.FSharp.Helper (>= 0.1.5)
      Yaaf.MessageArchiveManager (>= 0.0.2)
      Yaaf.MessageArchiveManager.SQL (>= 0.0.2)
    Yaaf.MessageArchiveManager.SQL (0.0.2)
      EntityFramework (>= 6.0.2)
      FSharp.Core (>= 3.1.2.1)
      Microsoft.AspNet.Identity.Core (>= 1.0.0)
      Microsoft.AspNet.Identity.EntityFramework (>= 1.0.0)
      Yaaf.FSharp.Helper (>= 0.1.5)
      Yaaf.MessageArchiveManager (>= 0.0.2)
    Yaaf.Portable.Text.Encoding (0.7.0.0)
    Yaaf.Sasl (1.0.2)
      FSharp.Core (>= 3.1.2.1)
    Yaaf.Sasl.Ldap (1.0.1)
      FSharp.Core (>= 3.1.2.1)
      Mono.Security (>= 3.2.3.0)
      Novell.Directory.Ldap (>= 2.2.1)
      Yaaf.FSharp.Helper (>= 0.1.4)
      Yaaf.Sasl (>= 1.0.1)
    Yaaf.Xmpp.IM (0.0.1)
      FSharp.Core (>= 3.1.2.1)
      Yaaf.Xmpp.Runtime (>= 0.0.2)
      Yaaf.Xmpp.ServiceDiscovery (>= 0.0.1)
    Yaaf.Xmpp.IM.MySQL (0.0.2)
      EntityFramework (>= 6.0.2)
      FSharp.Core (>= 3.1.2.1)
      Microsoft.AspNet.Identity.Core (>= 1.0.0)
      Microsoft.AspNet.Identity.EntityFramework (>= 1.0.0)
      MySQL.Data.Entities (>= 6.8.3)
      MySql.Data (>= 6.8.3)
      Yaaf.Xmpp.IM (>= 0.0.1)
      Yaaf.Xmpp.IM.SQL (>= 0.0.2)
    Yaaf.Xmpp.IM.SQL (0.0.2)
      EntityFramework (>= 6.0.2)
      FSharp.Core (>= 3.1.2.1)
      Microsoft.AspNet.Identity.Core (>= 1.0.0)
      Microsoft.AspNet.Identity.EntityFramework (>= 1.0.0)
      Yaaf.Database (>= 0.0.5)
      Yaaf.FSharp.Helper (>= 0.1.5)
      Yaaf.Xmpp.IM (>= 0.0.1)
    Yaaf.Xmpp.MessageArchiving (0.0.1)
      FSharp.Core (>= 3.1.2.1)
      Yaaf.Xmpp.IM (>= 0.0.1)
      Yaaf.Xmpp.Runtime (>= 0.0.2)
      Yaaf.Xmpp.ServiceDiscovery (>= 0.0.1)
    Yaaf.Xmpp.Runtime (0.0.6)
      FSharp.Core (>= 3.1.2.1)
      Yaaf.DependencyInjection (>= 1.1.0)
      Yaaf.DependencyInjection.SimpleInjector (>= 1.1.3)
      Yaaf.FSharp.Helper (>= 0.1.5)
      Yaaf.Sasl (>= 1.0.1)
    Yaaf.Xmpp.ServiceDiscovery (0.0.1)
      FSharp.Core (>= 3.1.2.1)
      Yaaf.DependencyInjection (>= 1.1.0)
      Yaaf.FSharp.Helper (>= 0.1.3)
      Yaaf.Xmpp.Runtime (>= 0.0.2)
    Yaaf.Xmpp.VCard (0.0.1)
      FSharp.Core (>= 3.1.2.1)
      Yaaf.FSharp.Helper (>= 0.1.4)
      Yaaf.Xmpp.Runtime (>= 0.0.2)
      Yaaf.Xmpp.ServiceDiscovery (>= 0.0.1)
GITHUB
  remote: matthid/Yaaf.FSharp.Helper
  specs:
    src/test/Test.Yaaf.FSharp.Helper/MyTestClass.fs (6ea18edb63d1763cb6fe8c612b7b51727337119c)
  remote: matthid/Yaaf.Xmpp.Runtime
  specs:
    src/test/Test.Yaaf.Xmpp.Runtime/TestHelper.fs (c9daf0f9ec061e973ad42bb0880b3bbd4328cf16)