NUGET
  remote: https://nuget.org/api/v2
  specs:
    EntityFramework (6.1.2)
    FAKE (3.18.0)
    Foq (1.7)
    FSharp.Compiler.Service (0.0.86)
    FSharp.Configuration (0.5.0)
    FSharp.Core (3.1.2.1)
    FSharp.Formatting (2.6.3)
      FSharp.Compiler.Service (>= 0.0.81)
    FSharpx.Collections (1.10.1)
      FSharp.Core (>= 3.1.2.1)
    FsUnit (1.3.0.1)
      NUnit (>= 2.6.3)
    MailSystem.NET (2.0.1)
    Microsoft.AspNet.Identity.Core (2.2.0)
    Microsoft.AspNet.Identity.EntityFramework (2.2.0)
      EntityFramework (>= 6.1.0)
      Microsoft.AspNet.Identity.Core (>= 2.2.0)
    Mono.Posix (4.0.0.0)
    Mono.Security (3.2.3.0)
    MySql.Data (6.9.6)
    MySQL.Data.Entities (6.8.3.0)
      EntityFramework (>= 6.0.0.0)
      MySql.Data (>= 6.8.3.0)
    Novell.Directory.Ldap (2.2.1)
    NUnit (2.6.3)
    NUnit.Runners (2.6.4)
    SimpleInjector (2.7.2)
    Unquote (2.2.2)
    Yaaf.AdvancedBuilding (0.3.4)
      FAKE (3.18.0)
      FSharp.Compiler.Service (0.0.86)
      FSharp.Formatting (2.6.3)
    Yaaf.Database (0.0.1)
      EntityFramework (>= 6.0.2)
      FSharp.Core (>= 3.1.2.1)
      Microsoft.AspNet.Identity.Core (>= 1.0.0)
      Microsoft.AspNet.Identity.EntityFramework (>= 1.0.0)
    Yaaf.DependencyInjection (1.1.0)
      FSharp.Core (>= 3.1.2.1)
    Yaaf.DependencyInjection.SimpleInjector (1.1.3)
      FSharp.Core (>= 3.1.2.1)
      SimpleInjector (>= 2.7.2)
      Yaaf.DependencyInjection (>= 1.1.0)
    Yaaf.FSharp.Helper (0.1.4)
      FSharp.Core (>= 3.1.2.1)
      FSharpx.Collections (>= 1.10.1)
      Yaaf.Logging (>= 1.0.1)
      Yaaf.Portable.Text.Encoding (>= 0.7.0)
    Yaaf.Logging (1.0.1)
    Yaaf.MessageArchiveManager (0.0.2)
      FSharp.Core (>= 3.1.2.1)
      Yaaf.Xmpp.MessageArchiving (>= 0.0.1)
      Yaaf.Xmpp.Runtime (>= 0.0.2)
    Yaaf.MessageArchiveManager.IMAP (0.0.1)
      FSharp.Core (>= 3.1.2.1)
      MailSystem.NET (>= 2.0.1)
      Yaaf.FSharp.Helper (>= 0.1.4)
      Yaaf.MessageArchiveManager (>= 0.0.1)
    Yaaf.MessageArchiveManager.MySQL (0.0.1)
      EntityFramework (>= 6.0.2)
      FSharp.Core (>= 3.1.2.1)
      Microsoft.AspNet.Identity.Core (>= 1.0.0)
      Microsoft.AspNet.Identity.EntityFramework (>= 1.0.0)
      MySQL.Data.Entities (>= 6.8.3)
      MySql.Data (>= 6.8.3)
      Yaaf.FSharp.Helper (>= 0.1.4)
      Yaaf.MessageArchiveManager (>= 0.0.1)
      Yaaf.MessageArchiveManager.SQL (>= 0.0.1)
    Yaaf.MessageArchiveManager.SQL (0.0.1)
      EntityFramework (>= 6.0.2)
      FSharp.Core (>= 3.1.2.1)
      Microsoft.AspNet.Identity.Core (>= 1.0.0)
      Microsoft.AspNet.Identity.EntityFramework (>= 1.0.0)
      Yaaf.FSharp.Helper (>= 0.1.4)
      Yaaf.MessageArchiveManager (>= 0.0.1)
    Yaaf.Portable.Text.Encoding (0.7.0.0)
    Yaaf.Sasl (1.0.1)
      FSharp.Core (>= 3.1.2.1)
    Yaaf.Sasl.Ldap (1.0.1)
      FSharp.Core (>= 3.1.2.1)
      Mono.Security (>= 3.2.3.0)
      Novell.Directory.Ldap (>= 2.2.1)
      Yaaf.FSharp.Helper (>= 0.1.4)
      Yaaf.Sasl (>= 1.0.1)
    Yaaf.Xmpp.IM (0.0.1)
      FSharp.Core (>= 3.1.2.1)
      Yaaf.Xmpp.Runtime (>= 0.0.2)
      Yaaf.Xmpp.ServiceDiscovery (>= 0.0.1)
    Yaaf.Xmpp.IM.MySQL (0.0.1)
      EntityFramework (>= 6.0.2)
      FSharp.Core (>= 3.1.2.1)
      Microsoft.AspNet.Identity.Core (>= 1.0.0)
      Microsoft.AspNet.Identity.EntityFramework (>= 1.0.0)
      MySQL.Data.Entities (>= 6.8.3)
      MySql.Data (>= 6.8.3)
      Yaaf.Xmpp.IM (>= 0.0.1)
      Yaaf.Xmpp.IM.SQL (>= 0.0.1)
    Yaaf.Xmpp.IM.SQL (0.0.1)
      EntityFramework (>= 6.0.2)
      FSharp.Core (>= 3.1.2.1)
      Microsoft.AspNet.Identity.Core (>= 1.0.0)
      Microsoft.AspNet.Identity.EntityFramework (>= 1.0.0)
      Yaaf.Database (>= 0.0.1)
      Yaaf.FSharp.Helper (>= 0.1.4)
      Yaaf.Xmpp.IM (>= 0.0.1)
    Yaaf.Xmpp.MessageArchiving (0.0.1)
      FSharp.Core (>= 3.1.2.1)
      Yaaf.Xmpp.IM (>= 0.0.1)
      Yaaf.Xmpp.Runtime (>= 0.0.2)
      Yaaf.Xmpp.ServiceDiscovery (>= 0.0.1)
    Yaaf.Xmpp.Runtime (0.0.2)
      FSharp.Core (>= 3.1.2.1)
      Yaaf.DependencyInjection (>= 1.1.0)
      Yaaf.DependencyInjection.SimpleInjector (>= 1.1.3)
      Yaaf.FSharp.Helper (>= 0.1.3)
      Yaaf.Sasl (>= 1.0.0)
    Yaaf.Xmpp.ServiceDiscovery (0.0.1)
      FSharp.Core (>= 3.1.2.1)
      Yaaf.DependencyInjection (>= 1.1.0)
      Yaaf.FSharp.Helper (>= 0.1.3)
      Yaaf.Xmpp.Runtime (>= 0.0.2)
    Yaaf.Xmpp.VCard (0.0.1)
      FSharp.Core (>= 3.1.2.1)
      Yaaf.FSharp.Helper (>= 0.1.4)
      Yaaf.Xmpp.Runtime (>= 0.0.2)
      Yaaf.Xmpp.ServiceDiscovery (>= 0.0.1)
GITHUB
  remote: matthid/Yaaf.FSharp.Helper
  specs:
    src/test/Test.Yaaf.FSharp.Helper/MyTestClass.fs (29898fb7665dd50da4b994f0b6a0b626a09164d5)
  remote: matthid/Yaaf.Xmpp.Runtime
  specs:
    src/test/Test.Yaaf.Xmpp.Runtime/TestHelper.fs (b0dd94ab732145012d91a80ecdd853b3ef6883de)